GEM
  remote: https://rubygems.org/
  specs:
    firebase (0.2.6)
      httpclient
      json
    httpclient (2.8.3)
    json (2.1.0)
    json (2.1.0-java)
    pg (0.20.0)
    pg (0.20.0-x64-mingw32)

PLATFORMS
  java
  x64-mingw32

DEPENDENCIES
  firebase
  httpclient
  json
  pg

BUNDLED WITH
   1.14.6
